GEM
  remote: https://rubygems.org/
  specs:
    byebug (8.2.2)
    erubis (2.7.0)
    thor (0.19.1)
    tmuxinator (0.7.1)
      erubis (~> 2.6)
      thor (~> 0.19, >= 0.15.0)

PLATFORMS
  ruby

DEPENDENCIES
  byebug
  tmuxinator

BUNDLED WITH
   1.11.2
